GEM
  remote: https://rubygems.org/
  specs:
    activesupport (3.0.0)
    backports (3.6.0)
    capistrano (3.2.1)
      i18n
      rake (>= 10.0.0)
      sshkit (~> 1.3)
    colorize (0.7.3)
    daemons (1.1.9)
    eventmachine (1.0.3)
    i18n (0.6.9)
    iso8601 (0.4.1)
    json (1.8.1)
    json_builder (3.1.7)
      activesupport (>= 2.0.0)
      json
    kgio (2.9.2)
    macaddr (1.7.1)
      systemu (~> 2.6.2)
    mini_portile (0.6.0)
    multi_json (1.10.1)
    net-scp (1.2.1)
      net-ssh (>= 2.6.5)
    net-ssh (2.9.1)
    nokogiri (1.6.2.1)
      mini_portile (= 0.6.0)
    rack (1.5.2)
    rack-protection (1.5.3)
      rack
    rack-test (0.6.2)
      rack (>= 1.0)
    raindrops (0.13.0)
    rake (10.3.2)
    shotgun (0.9)
      rack (>= 1.0)
    sinatra (1.4.5)
      rack (~> 1.4)
      rack-protection (~> 1.4)
      tilt (~> 1.3, >= 1.3.4)
    sinatra-contrib (1.4.2)
      backports (>= 2.0)
      multi_json
      rack-protection
      rack-test
      sinatra (~> 1.4.0)
      tilt (~> 1.3)
    sinatra-partial (0.4.0)
      sinatra
    sshkit (1.5.1)
      colorize
      net-scp (>= 1.1.2)
      net-ssh (>= 2.8.0)
    systemu (2.6.4)
    thin (1.6.2)
      daemons (>= 1.0.9)
      eventmachine (>= 1.0.0)
      rack (>= 1.0.0)
    tilt (1.4.1)
    unicorn (4.8.3)
      kgio (~> 2.6)
      rack
      raindrops (~> 0.7)
    uuid (2.3.7)
      macaddr (~> 1.0)

PLATFORMS
  ruby

DEPENDENCIES
  activesupport
  capistrano
  i18n
  iso8601
  json
  json_builder
  nokogiri
  shotgun
  sinatra
  sinatra-contrib
  sinatra-partial
  thin
  unicorn
  uuid
