GEM
  remote: https://rubygems.org/
  specs:
    activesupport (4.2.3)
      i18n (~> 0.7)
      json (~> 1.7, >= 1.7.7)
      minitest (~> 5.1)
      thread_safe (~> 0.3, >= 0.3.4)
      tzinfo (~> 1.1)
    backports (3.6.4)
    capistrano (3.4.0)
      i18n
      rake (>= 10.0.0)
      sshkit (~> 1.3)
    colorize (0.7.7)
    daemons (1.2.3)
    eventmachine (1.0.7)
    i18n (0.7.0)
    iso8601 (0.8.6)
    json (1.8.3)
    json_builder (3.1.7)
      activesupport (>= 2.0.0)
      json
    kgio (2.9.3)
    macaddr (1.7.1)
      systemu (~> 2.6.2)
    mini_portile (0.6.2)
    minitest (5.7.0)
    multi_json (1.11.1)
    net-scp (1.2.1)
      net-ssh (>= 2.6.5)
    net-ssh (2.9.2)
    nokogiri (1.6.6.2)
      mini_portile (~> 0.6.0)
    rack (1.6.4)
    rack-protection (1.5.3)
      rack
    rack-test (0.6.3)
      rack (>= 1.0)
    raindrops (0.14.0)
    rake (10.4.2)
    shotgun (0.9.1)
      rack (>= 1.0)
    sinatra (1.4.6)
      rack (~> 1.4)
      rack-protection (~> 1.4)
      tilt (>= 1.3, < 3)
    sinatra-contrib (1.4.6)
      backports (>= 2.0)
      multi_json
      rack-protection
      rack-test
      sinatra (~> 1.4.0)
      tilt (>= 1.3, < 3)
    sinatra-partial (0.4.0)
      sinatra
    sshkit (1.7.1)
      colorize (>= 0.7.0)
      net-scp (>= 1.1.2)
      net-ssh (>= 2.8.0)
    systemu (2.6.5)
    thin (1.6.3)
      daemons (~> 1.0, >= 1.0.9)
      eventmachine (~> 1.0)
      rack (~> 1.0)
    thread_safe (0.3.5)
    tilt (2.0.1)
    tzinfo (1.2.2)
      thread_safe (~> 0.1)
    unicorn (4.9.0)
      kgio (~> 2.6)
      rack
      raindrops (~> 0.7)
    uuid (2.3.8)
      macaddr (~> 1.0)

PLATFORMS
  ruby

DEPENDENCIES
  activesupport
  capistrano
  i18n
  iso8601
  json
  json_builder
  nokogiri
  shotgun
  sinatra
  sinatra-contrib
  sinatra-partial
  thin
  unicorn
  uuid

BUNDLED WITH
   1.10.5
